GEM
  remote: https://rubygems.org/
  specs:
    activesupport (4.1.0)
      i18n (~> 0.6, >= 0.6.9)
      json (~> 1.7, >= 1.7.7)
      minitest (~> 5.1)
      thread_safe (~> 0.1)
      tzinfo (~> 1.1)
    autoprefixer-rails (1.1.20140429)
      execjs
    chunky_png (1.3.1)
    cssesc (0.1.0)
      activesupport
      cssesc-source
      execjs
    cssesc-source (0.1.0)
    dimensions (1.3.0)
    directory_watcher (1.4.1)
    execjs (2.0.2)
    i18n (0.6.9)
    json (1.8.1)
    mime-types (2.2)
    minitest (5.3.3)
    rake (10.3.1)
    sass (3.3.6)
    sass-globbing (1.1.0)
      sass (>= 3.1)
    thread_safe (0.3.3)
    tzinfo (1.1.0)
      thread_safe (~> 0.1)

PLATFORMS
  ruby

DEPENDENCIES
  autoprefixer-rails
  chunky_png
  cssesc
  dimensions
  directory_watcher (= 1.4.1)
  mime-types
  rake
  sass
  sass-globbing
